PATH
  remote: .
  specs:
    rubrowser (2.7.1)
      litecable
      parser (~> 2.3, >= 2.3.0)
      puma
      websocket

GEM
  remote: https://rubygems.org/
  specs:
    anyway_config (1.2.0)
    ast (2.2.0)
    byebug (9.0.6)
    diff-lcs (1.3)
    litecable (0.5.0)
      anyway_config (~> 1.0)
    nio4r (2.5.2)
    parallel (1.12.0)
    parser (2.4.0.0)
      ast (~> 2.2)
    powerpack (0.1.1)
    puma (4.3.1)
      nio4r (~> 2.0)
    rainbow (2.2.2)
      rake
    rake (13.0.1)
    rspec (3.6.0)
      rspec-core (~> 3.6.0)
      rspec-expectations (~> 3.6.0)
      rspec-mocks (~> 3.6.0)
    rspec-core (3.6.0)
      rspec-support (~> 3.6.0)
    rspec-expectations (3.6.0)
      diff-lcs (>= 1.2.0, < 2.0)
      rspec-support (~> 3.6.0)
    rspec-mocks (3.6.0)
      diff-lcs (>= 1.2.0, < 2.0)
      rspec-support (~> 3.6.0)
    rspec-support (3.6.0)
    rubocop (0.49.1)
      parallel (~> 1.10)
      parser (>= 2.3.3.1, < 3.0)
      powerpack (~> 0.1)
      rainbow (>= 1.99.1, < 3.0)
      ruby-progressbar (~> 1.7)
      unicode-display_width (~> 1.0, >= 1.0.1)
    ruby-progressbar (1.8.1)
    unicode-display_width (1.3.0)
    websocket (1.2.5)

PLATFORMS
  ruby

DEPENDENCIES
  bundler (~> 1.14)
  byebug
  rake (~> 13.0)
  rspec
  rubocop
  rubrowser!

BUNDLED WITH
   1.16.1
